GEM
  remote: http://rubygems.org/
  specs:
    coveralls (0.7.8)
      multi_json (~> 1.10)
      rest-client (~> 1.7)
      simplecov (~> 0.9.1)
      term-ansicolor (~> 1.3)
      thor (~> 0.19.1)
    docile (1.1.5)
    ffi (1.9.6-x64-mingw32)
    mime-types (2.4.3)
    multi_json (1.10.1)
    netrc (0.10.2)
    rake (10.4.2)
    rest-client (1.7.2-x64-mingw32)
      ffi (~> 1.9)
      mime-types (>= 1.16, < 3.0)
      netrc (~> 0.7)
    simplecov (0.9.1)
      docile (~> 1.1.0)
      multi_json (~> 1.0)
      simplecov-html (~> 0.8.0)
    simplecov-html (0.8.0)
    term-ansicolor (1.3.0)
      tins (~> 1.0)
    thor (0.19.1)
    tins (1.3.3)

PLATFORMS
  x64-mingw32

DEPENDENCIES
  coveralls
  rake
  rest-client
