GEM
  remote: http://rubygems.org/
  specs:
    rake (10.4.2)

PLATFORMS
  x64-mingw32

DEPENDENCIES
  rake
